GEM
  remote: https://rubygems.org/
  specs:
    coderay (1.1.2)
    excon (0.62.0)
    method_source (0.9.0)
    pry (0.11.3)
      coderay (~> 1.1.0)
      method_source (~> 0.9.0)
    rake (12.3.1)

PLATFORMS
  ruby

DEPENDENCIES
  excon
  pry
  rake

BUNDLED WITH
   1.15.3
